GEM
  remote: http://rubygems.org/
  specs:
    activesupport (3.2.6)
      i18n (~> 0.6)
      multi_json (~> 1.0)
    addressable (2.2.8)
    bunny (0.7.9)
    crack (0.3.1)
    diff-lcs (1.1.3)
    excon (0.12.0)
    i18n (0.6.0)
    kgio (2.7.4)
    multi_json (1.3.6)
    rabl (0.7.0)
      activesupport (>= 2.3.14)
      multi_json (~> 1.0)
    rack (1.4.1)
    rack-contrib (1.1.0)
      rack (>= 0.9.1)
    rack-protection (1.2.0)
      rack
    rack-test (0.6.1)
      rack (>= 1.0)
    raindrops (0.10.0)
    rake (0.9.2.2)
    rspec (2.11.0)
      rspec-core (~> 2.11.0)
      rspec-expectations (~> 2.11.0)
      rspec-mocks (~> 2.11.0)
    rspec-core (2.11.0)
    rspec-expectations (2.11.1)
      diff-lcs (~> 1.1.3)
    rspec-mocks (2.11.1)
    scashin133-syslog_logger (1.7.3)
    simplecov (0.6.4)
      multi_json (~> 1.0)
      simplecov-html (~> 0.5.3)
    simplecov-html (0.5.3)
    sinatra (1.3.2)
      rack (>= 1.3.6, ~> 1.3)
      rack-protection (~> 1.2)
      tilt (>= 1.3.3, ~> 1.3)
    statemachine (2.0.1)
    tilt (1.3.3)
    unicorn (4.3.1)
      kgio (~> 2.6)
      rack
      raindrops (~> 0.7)
    webmock (1.8.7)
      addressable (>= 2.2.7)
      crack (>= 0.1.7)
    yajl-ruby (1.1.0)

PLATFORMS
  ruby

DEPENDENCIES
  activesupport (~> 3.2.0)
  bunny (~> 0.7.9)
  excon (~> 0.12.0)
  rabl (~> 0.7.0)
  rack (~> 1.4)
  rack-contrib (~> 1.1.0)
  rack-test
  rake
  rspec (~> 2.8)
  scashin133-syslog_logger (~> 1.7.3)
  simplecov
  sinatra (~> 1.3.2)
  statemachine (~> 2.0.1)
  unicorn (~> 4.3.1)
  webmock
  yajl-ruby (~> 1.1.0)
