GIT
  remote: https://github.com/bengler/bengler_test_helper.git
  revision: c8a33fbb5a2b285741399c1683af35b5aa650455
  specs:
    bengler_test_helper (0.0.6)

GEM
  remote: https://rubygems.org/
  specs:
    activemodel (3.2.6)
      activesupport (= 3.2.6)
      builder (~> 3.0.0)
    activerecord (3.2.6)
      activemodel (= 3.2.6)
      activesupport (= 3.2.6)
      arel (~> 3.0.2)
      tzinfo (~> 0.3.29)
    activesupport (3.2.6)
      i18n (~> 0.6)
      multi_json (~> 1.0)
    addressable (2.2.8)
    arel (3.0.3)
    backports (3.5.0)
    builder (3.0.4)
    crack (0.3.1)
    diff-lcs (1.1.3)
    excon (0.12.0)
    i18n (0.6.0)
    json (1.8.1)
    kgio (2.7.4)
    multi_json (1.3.6)
    pg (0.17.1)
    rabl (0.7.0)
      activesupport (>= 2.3.14)
      multi_json (~> 1.0)
    rack (1.4.1)
    rack-contrib (1.1.0)
      rack (>= 0.9.1)
    rack-protection (1.5.2)
      rack
    rack-test (0.6.1)
      rack (>= 1.0)
    raindrops (0.10.0)
    rake (0.9.2.2)
    rspec (2.11.0)
      rspec-core (~> 2.11.0)
      rspec-expectations (~> 2.11.0)
      rspec-mocks (~> 2.11.0)
    rspec-core (2.11.0)
    rspec-expectations (2.11.1)
      diff-lcs (~> 1.1.3)
    rspec-mocks (2.11.1)
    simplecov (0.6.4)
      multi_json (~> 1.0)
      simplecov-html (~> 0.5.3)
    simplecov-html (0.5.3)
    sinatra (1.4.4)
      rack (~> 1.4)
      rack-protection (~> 1.4)
      tilt (~> 1.3, >= 1.3.4)
    sinatra-activerecord (0.1.3)
      sinatra (>= 0.9.4)
    sinatra-contrib (1.4.2)
      backports (>= 2.0)
      multi_json
      rack-protection
      rack-test
      sinatra (~> 1.4.0)
      tilt (~> 1.3)
    sinatra-reloader (1.0)
      sinatra-contrib
    tilt (1.4.1)
    tzinfo (0.3.38)
    unicorn (4.3.1)
      kgio (~> 2.6)
      rack
      raindrops (~> 0.7)
    webmock (1.8.7)
      addressable (>= 2.2.7)
      crack (>= 0.1.7)

PLATFORMS
  ruby

DEPENDENCIES
  activerecord
  activesupport (~> 3.2.0)
  bengler_test_helper!
  excon (~> 0.12.0)
  json (~> 1.8)
  pg
  rabl (~> 0.7.0)
  rack (~> 1.4)
  rack-contrib (~> 1.1.0)
  rack-test
  rake
  rspec (~> 2.8)
  simplecov
  sinatra (~> 1.4)
  sinatra-activerecord
  sinatra-reloader
  unicorn (~> 4.3.1)
  webmock
